GEM
  remote: https://rubygems.org/
  specs:
    algorithms (1.0.0)

PLATFORMS
  x64-mingw-ucrt

DEPENDENCIES
  algorithms (~> 1.0)

BUNDLED WITH
   2.3.17
